GIT
  remote: http://github.com/jnunemaker/mongomapper.git
  revision: 5a3328244b641fa4f6a3743e9e0b4dd6a1ac2700
  branch: rails3
  specs:
    mongo_mapper (0.8.4)
      activemodel (~> 3.0.0)
      activesupport (~> 3.0.0)
      plucky (~> 0.3.5)

PATH
  remote: .
  specs:
    mm_dirtier (0.1.0)
      observables (~> 0.1.1)

GEM
  remote: http://rubygems.org/
  specs:
    activemodel (3.0.0)
      activesupport (= 3.0.0)
      builder (~> 2.1.2)
      i18n (~> 0.4.1)
    activesupport (3.0.0)
    bson (1.1)
    bson_ext (1.1)
    builder (2.1.2)
    i18n (0.4.1)
    jnunemaker-matchy (0.4.0)
    log_buddy (0.5.0)
    mongo (1.0.9)
      bson (>= 1.0.5)
    observables (0.1.1)
      activesupport (~> 3.0.0)
      i18n
    plucky (0.3.5)
      mongo (~> 1.0.8)
    rake (0.8.7)
    shoulda (2.11.3)

PLATFORMS
  x86-mingw32

DEPENDENCIES
  bson_ext
  jnunemaker-matchy (~> 0.4.0)
  log_buddy
  mm_dirtier!
  mongo (~> 1.0.9)
  mongo_mapper!
  observables (~> 0.1.1)
  rake
  shoulda (~> 2.11)
